GIT
  remote: git://github.com/swanandp/acts_as_list.git
  revision: 819c37df1a5cacb5990a5c2cb923531e570203f2
  ref: 819c37df1a5cacb5990a5c2cb923531e570203f
  specs:
    acts_as_list (0.1.4)

PATH
  remote: vendor/gems/lhalib-0.8.1
  specs:
    lhalib (0.8.1)

GEM
  remote: https://rubygems.org/
  remote: http://gems.github.com/
  specs:
    Ascii85 (1.0.2)
    actionmailer (2.3.18)
      actionpack (= 2.3.18)
    actionpack (2.3.18)
      activesupport (= 2.3.18)
      rack (~> 1.1.0)
    activerecord (2.3.18)
      activesupport (= 2.3.18)
    activerecord-mysql2-adapter (0.0.3)
      mysql2
    activeresource (2.3.18)
      activesupport (= 2.3.18)
    activesupport (2.3.18)
    acts_as_tree (0.1.1)
    addressable (2.3.4)
    afm (0.2.0)
    ar_fixtures (0.0.4)
      hoe (>= 1.2.1)
    coderay (1.0.9)
    colorize (0.5.8)
    columnize (0.3.6)
    coveralls (0.6.7)
      colorize
      multi_json (~> 1.3)
      rest-client
      simplecov (>= 0.7)
      thor
    crack (0.4.0)
      safe_yaml (~> 0.9.0)
    daemons (1.1.9)
    database_cleaner (1.0.1)
    debugger (1.6.0)
      columnize (>= 0.3.1)
      debugger-linecache (~> 1.2.0)
      debugger-ruby_core_source (~> 1.2.1)
    debugger-linecache (1.2.0)
    debugger-ruby_core_source (1.2.2)
    gettext (2.1.0)
      locale (>= 2.0.5)
    gruff (0.3.6)
    hashery (2.1.0)
    hoe (3.6.2)
      rake (>= 0.8, < 11.0)
    jpmobile (0.0.8)
    json (1.8.0)
    locale (2.0.8)
    method_source (0.8.1)
    mime-types (1.23)
    moji (1.6)
    multi_json (1.7.7)
    mysql2 (0.3.11)
    pdf-reader (1.3.3)
      Ascii85 (~> 1.0.0)
      afm (~> 0.2.0)
      hashery (~> 2.0)
      ruby-rc4
      ttfunk
    pg (0.15.1)
    prawn (0.12.0)
      pdf-reader (>= 0.9.0)
      ttfunk (~> 1.0.2)
    pry (0.9.12.2)
      coderay (~> 1.0.5)
      method_source (~> 0.8)
      slop (~> 3.4)
    pry-doc (0.4.6)
      pry (>= 0.9)
      yard (>= 0.8)
    rack (1.1.6)
    rails (2.3.18)
      actionmailer (= 2.3.18)
      actionpack (= 2.3.18)
      activerecord (= 2.3.18)
      activeresource (= 2.3.18)
      activesupport (= 2.3.18)
      rake (>= 0.8.3)
    rake (10.0.4)
    resource_controller (0.6.6)
    rest-client (1.6.7)
      mime-types (>= 1.16)
    rmagick (2.13.2)
    rspec (1.2.9)
    rspec-rails (1.2.9)
      rack (>= 1.0.0)
      rspec (>= 1.2.9)
    ruby-rc4 (0.1.5)
    safe_yaml (0.9.3)
    simplecov (0.7.1)
      multi_json (~> 1.0)
      simplecov-html (~> 0.7.1)
    simplecov-html (0.7.1)
    slop (3.4.5)
    test-unit (1.2.3)
      hoe (>= 1.5.1)
    thinreports (0.7.6)
      prawn (>= 0.12.0, <= 0.12.0)
    thor (0.18.1)
    thoughtbot-factory_girl (1.2.2)
    ttfunk (1.0.3)
    tzinfo (0.3.37)
    webmock (1.11.0)
      addressable (>= 2.2.7)
      crack (>= 0.3.2)
    will_paginate (2.3.16)
    yard (0.8.6.1)

PLATFORMS
  ruby

DEPENDENCIES
  activerecord-mysql2-adapter
  acts_as_list!
  acts_as_tree (= 0.1.1)
  ar_fixtures
  coveralls
  daemons
  database_cleaner
  debugger
  gettext (= 2.1.0)
  gruff (= 0.3.6)
  jpmobile (= 0.0.8)
  json
  lhalib (= 0.8.1)!
  moji
  pg
  pry
  pry-doc
  rails (= 2.3.18)
  rake (~> 10.0)
  resource_controller
  rmagick (= 2.13.2)
  rspec (= 1.2.9)
  rspec-rails (= 1.2.9)
  test-unit (= 1.2.3)
  thinreports
  thoughtbot-factory_girl (= 1.2.2)
  tzinfo (~> 0.3.31)
  webmock (>= 1.8.7)
  will_paginate (~> 2.3)
